GEM
  remote: https://rubygems.org/
  specs:
    anycable (0.5.2)
      anyway_config (~> 1.1, >= 1.1.1)
      grpc (~> 1.6)
      redis (>= 3.2)
    anyway_config (1.4.4)
    byebug (11.0.0)
    coderay (1.1.2)
    google-protobuf (3.7.0)
    googleapis-common-protos-types (1.0.3)
      google-protobuf (~> 3.0)
    grpc (1.19.0)
      google-protobuf (~> 3.1)
      googleapis-common-protos-types (~> 1.0.0)
    litecable (0.5.0)
      anyway_config (~> 1.0)
    method_source (0.9.2)
    pry (0.12.2)
      coderay (~> 1.1.0)
      method_source (~> 0.9.0)
    pry-byebug (3.7.0)
      byebug (~> 11.0)
      pry (~> 0.10)
    puma (3.12.0)
    rack (2.0.6)
    redis (4.1.0)
    websocket (1.2.8)

PLATFORMS
  ruby

DEPENDENCIES
  anycable (~> 0.5.0)
  anyway_config (~> 1.0)
  litecable
  pry-byebug
  puma
  rack
  redis
  websocket (~> 1.2.4)

RUBY VERSION
   ruby 2.6.1p33

BUNDLED WITH
   1.17.2
