GEM
  remote: https://rubygems.org/
  specs:
    activesupport (5.2.2)
      concurrent-ruby (~> 1.0, >= 1.0.2)
      i18n (>= 0.7, < 2)
      minitest (~> 5.1)
      tzinfo (~> 1.1)
    anycable (0.5.2)
      anyway_config (~> 1.1, >= 1.1.1)
      grpc (~> 1.6)
      redis (>= 3.2)
    anyway_config (1.4.4)
    byebug (11.0.0)
    coderay (1.1.2)
    concurrent-ruby (1.1.4)
    google-protobuf (3.7.0)
    googleapis-common-protos-types (1.0.3)
      google-protobuf (~> 3.0)
    graphql (1.9.3)
    grpc (1.19.0)
      google-protobuf (~> 3.1)
      googleapis-common-protos-types (~> 1.0.0)
    hiredis (0.6.3)
    i18n (1.6.0)
      concurrent-ruby (~> 1.0)
    litecable (0.5.0)
      anyway_config (~> 1.0)
    method_source (0.9.2)
    minitest (5.11.3)
    nest (3.1.2)
      redic
    ohm (3.1.1)
      nest (~> 3)
      redic (~> 1.5.0)
      stal
    pry (0.12.2)
      coderay (~> 1.1.0)
      method_source (~> 0.9.0)
    pry-byebug (3.7.0)
      byebug (~> 11.0)
      pry (~> 0.10)
    puma (3.12.0)
    rack (2.0.6)
    redic (1.5.1)
      hiredis
    redis (4.1.0)
    stal (0.3.0)
      redic (~> 1.5)
    thread_safe (0.3.6)
    tzinfo (1.2.5)
      thread_safe (~> 0.1)
    websocket (1.2.8)

PLATFORMS
  ruby

DEPENDENCIES
  activesupport
  anycable (~> 0.5.0)
  anyway_config (~> 1.0)
  graphql
  litecable
  ohm
  pry-byebug
  puma
  rack
  redis
  websocket (~> 1.2.4)

RUBY VERSION
   ruby 2.6.1p33

BUNDLED WITH
   1.17.2
